GEM
  remote: http://rubygems.org/
  specs:
    PriorityQueue (0.1.2)
    builder (3.0.0)
    faraday (0.8.4)
      multipart-post (~> 1.1)
    faraday_middleware (0.8.8)
      faraday (>= 0.7.4, < 0.9)
    gds-api-adapters (0.2.3)
      lrucache (~> 0.1.1)
      null_logger
      plek
    hashie (1.2.0)
    i18n (0.6.1)
    inflection (1.0.0)
    json (1.7.5)
    kgio (2.7.4)
    lrucache (0.1.3)
      PriorityQueue (~> 0.1.2)
    mail (2.4.4)
      i18n (>= 0.4.0)
      mime-types (~> 1.16)
      treetop (~> 1.4.8)
    metaclass (0.0.1)
    mime-types (1.19)
    mocha (0.12.3)
      metaclass (~> 0.0.1)
    multipart-post (1.1.5)
    nokogiri (1.5.5)
    null_logger (0.0.1)
    plek (0.3.0)
      builder
    polyglot (0.3.3)
    rack (1.4.1)
    rack-protection (1.2.0)
      rack
    rack-test (0.6.1)
      rack (>= 1.0)
    raindrops (0.10.0)
    rake (0.9.2.2)
    sinatra (1.3.3)
      rack (~> 1.3, >= 1.3.6)
      rack-protection (~> 1.2)
      tilt (~> 1.3, >= 1.3.3)
    slimmer (1.2.4)
      gds-api-adapters (>= 0.0.33, < 0.3.0)
      json
      nokogiri (~> 1.5.0)
      null_logger
      plek (>= 0.1.8)
      rack (>= 1.3.5)
    tilt (1.3.3)
    treetop (1.4.10)
      polyglot
      polyglot (>= 0.3.1)
    unicorn (4.3.1)
      kgio (~> 2.6)
      rack
      raindrops (~> 0.7)
    zendesk_api (0.1.2)
      faraday (>= 0.8.0)
      faraday_middleware (>= 0.8.7)
      hashie
      inflection
      json
      mime-types
      multipart-post

PLATFORMS
  ruby

DEPENDENCIES
  mail
  mocha
  rack-test
  rake
  sinatra
  slimmer (= 1.2.4)
  unicorn
  zendesk_api
